GIT
  remote: git://github.com/51cards/serel.git
  revision: a35b9b4a76e9e8e1b197177278e36483068744a9
  specs:
    serel (1.2.0)
      activesupport

GEM
  remote: http://rubygems.org/
  specs:
    activesupport (3.2.13)
      i18n (= 0.6.1)
      multi_json (~> 1.0)
    i18n (0.6.1)
    multi_json (1.7.2)
    rack (1.4.1)
    rack-protection (1.2.0)
      rack
    rmagick (2.12.2)
    sinatra (1.3.2)
      rack (~> 1.3, >= 1.3.6)
      rack-protection (~> 1.2)
      tilt (~> 1.3, >= 1.3.3)
    tilt (1.3.3)

PLATFORMS
  ruby

DEPENDENCIES
  rack
  rmagick (= 2.12.2)
  serel!
  sinatra
