GEM
  remote: http://rubygems.org/
  specs:
    rack (1.4.1)
    rack-protection (1.2.0)
      rack
    rmagick (2.12.2)
    serel (1.0.0)
    sinatra (1.3.2)
      rack (~> 1.3, >= 1.3.6)
      rack-protection (~> 1.2)
      tilt (~> 1.3, >= 1.3.3)
    tilt (1.3.3)

PLATFORMS
  ruby

DEPENDENCIES
  rack
  rmagick (= 2.12.2)
  serel
  sinatra
